ObjectType = Image
NDims = 3
BinaryData = True
BinaryDataByteOrderMSB = False
CompressedData = False
TransformMatrix = 1 0 0 0 1 0 0 0 1
Offset = -98 -98 0
CenterOfRotation = 0 0 0
ElementSpacing = 4 4 50
DimSize = 50 50 1
AnatomicalOrientation = ???
ElementType = MET_FLOAT
ElementDataFile = DAMWTar-Edep.raw
