ObjectType = Image
NDims = 3
BinaryData = True
BinaryDataByteOrderMSB = False
CompressedData = False
TransformMatrix = 1 0 0 0 1 0 0 0 1
Offset = 0 0 -24.875
CenterOfRotation = 0 0 0
ElementSpacing = 200 200 0.25
DimSize = 1 1 200
AnatomicalOrientation = ???
ElementType = MET_FLOAT
ElementDataFile = DAVWTar-Dose-Uncertainty.raw
